GEM
  remote: https://rubygems.org/
  specs:
    highline (1.7.3)
    mail (2.6.3)
      mime-types (>= 1.16, < 3)
    mime (0.4.2)
    mime-types (2.6.2)
    ruby-gmail (0.3.1)
      mail (>= 2.2.1)
      mime (>= 0.1)
      shared-mime-info
    ruby-progressbar (1.7.5)
    shared-mime-info (0.2.5)

PLATFORMS
  ruby

DEPENDENCIES
  highline
  ruby-gmail
  ruby-progressbar

BUNDLED WITH
   1.10.6
